GEM
  remote: https://rubygems.org/
  specs:
    cool.io (1.2.4)
    diff-lcs (1.2.5)
    dummer (0.3.5)
      fluent-logger
      serverengine
      thor
    fluent-logger (0.4.9)
      msgpack (>= 0.4.4, < 0.6.0, != 0.5.3, != 0.5.2, != 0.5.1, != 0.5.0)
      yajl-ruby (~> 1.0)
    fluent-plugin-influxdb (0.1.2)
      fluentd
    fluentd (0.10.50)
      cool.io (>= 1.1.1, < 2.0.0, != 1.2.0)
      http_parser.rb (>= 0.5.1, < 0.7.0)
      json (>= 1.4.3)
      msgpack (>= 0.4.4, < 0.6.0, != 0.5.3, != 0.5.2, != 0.5.1, != 0.5.0)
      sigdump (~> 0.2.2)
      yajl-ruby (~> 1.0)
    highline (1.6.21)
    http_parser.rb (0.6.0)
    json (1.8.1)
    msgpack (0.5.8)
    net-ssh (2.9.1)
    rspec (2.99.0)
      rspec-core (~> 2.99.0)
      rspec-expectations (~> 2.99.0)
      rspec-mocks (~> 2.99.0)
    rspec-core (2.99.1)
    rspec-expectations (2.99.1)
      diff-lcs (>= 1.1.3, < 2.0)
    rspec-its (1.0.1)
      rspec-core (>= 2.99.0.beta1)
      rspec-expectations (>= 2.99.0.beta1)
    rspec-mocks (2.99.1)
    serverengine (1.5.7)
      sigdump (~> 0.2.2)
    serverspec (1.9.0)
      highline
      net-ssh
      rspec (~> 2.13)
      rspec-its
      specinfra (~> 1.18)
    sigdump (0.2.2)
    specinfra (1.18.2)
    thor (0.19.1)
    yajl-ruby (1.2.1)

PLATFORMS
  ruby

DEPENDENCIES
  dummer
  fluent-plugin-influxdb
  fluentd
  serverspec
